GEM
  remote: https://rubygems.org/
  specs:
    prism (1.2.0)

PLATFORMS
  arm64-darwin-24
  ruby

DEPENDENCIES
  prism

BUNDLED WITH
   2.5.22
