GEM
  remote: https://rubygems.org/
  specs:
    prism (1.2.0)
    rails_stats (1.0.2)
      rake
    rake (13.2.1)

PLATFORMS
  arm64-darwin-24
  ruby

DEPENDENCIES
  prism
  rails_stats

BUNDLED WITH
   2.5.22
